GEM
  specs:
    childprocess (1.0.1)
      rake (< 13.0)
    facets (3.1.0)
    json (2.1.0)
    mini_portile2 (2.4.0)
    nokogiri (1.10.3)
      mini_portile2 (~> 2.4.0)
    os (1.0.1)
    psych (3.0.2)
    rake (12.3.2)
    rubyzip (1.2.3)
    selenium-webdriver (3.142.3)
      childprocess (>= 0.5, < 2.0)
      rubyzip (~> 1.2, >= 1.2.2)
    webdriver-user-agent (7.6)
      facets
      json
      os
      psych
      selenium-webdriver (>= 3.4.0)

PLATFORMS
  ruby

DEPENDENCIES
  nokogiri
  selenium-webdriver
  webdriver-user-agent

BUNDLED WITH
   2.0.1
